PATH
  remote: .
  specs:
    news-reader (0.1.0)

GEM
  remote: https://rubygems.org/
  specs:
    mini_portile2 (2.4.0)
    nokogiri (1.10.1-x64-mingw32)
      mini_portile2 (~> 2.4.0)
    rake (10.5.0)

PLATFORMS
  x64-mingw32

DEPENDENCIES
  bundler (~> 2.0)
  news-reader!
  nokogiri
  rake (~> 10.0)

BUNDLED WITH
   2.0.1
